GEM
  remote: https://rubygems.org/
  specs:
    coderay (1.1.2)
    gruff (0.7.0)
      rmagick (~> 2.13, >= 2.13.4)
    method_source (0.9.0)
    pry (0.11.3)
      coderay (~> 1.1.0)
      method_source (~> 0.9.0)
    rmagick (2.16.0)

PLATFORMS
  ruby

DEPENDENCIES
  gruff
  pry

BUNDLED WITH
   1.16.0
